GEM
  remote: https://rubygems.org/
  specs:
    activemodel (5.2.3)
      activesupport (= 5.2.3)
    activerecord (5.2.3)
      activemodel (= 5.2.3)
      activesupport (= 5.2.3)
      arel (>= 9.0)
    activesupport (5.2.3)
      concurrent-ruby (~> 1.0, >= 1.0.2)
      i18n (>= 0.7, < 2)
      minitest (~> 5.1)
      tzinfo (~> 1.1)
    arel (9.0.0)
    concurrent-ruby (1.1.5)
    eventmachine (1.2.7)
    faye-websocket (0.10.7)
      eventmachine (>= 0.12.0)
      websocket-driver (>= 0.5.1)
    i18n (1.6.0)
      concurrent-ruby (~> 1.0)
    influxdb (0.6.4)
    metaclass (0.0.4)
    minitest (5.11.3)
    mocha (1.8.0)
      metaclass (~> 0.0.1)
    mysql2 (0.5.2)
    paho-mqtt (1.0.12)
    power_assert (1.1.4)
    safe_attributes (1.0.10)
      activerecord (>= 3.0.0)
    test-unit (3.3.1)
      power_assert
    thread_safe (0.3.6)
    tzinfo (1.2.5)
      thread_safe (~> 0.1)
    websocket-driver (0.7.0)
      websocket-extensions (>= 0.1.0)
    websocket-extensions (0.1.3)

PLATFORMS
  ruby

DEPENDENCIES
  activerecord
  faye-websocket
  influxdb
  mocha
  mysql2
  paho-mqtt
  safe_attributes
  test-unit

BUNDLED WITH
   1.16.0
